GEM
  remote: https://rubygems.org/
  specs:
    colorize (0.6.0)
    highline (1.6.20)
    json_pure (1.8.1)
    mime-types (2.5)
    package_cloud (0.2.18)
      colorize (= 0.6.0)
      highline (= 1.6.20)
      json_pure (= 1.8.1)
      rest-client (= 1.6.7)
      thor (= 0.18.1)
    rest-client (1.6.7)
      mime-types (>= 1.16)
    thor (0.18.1)

PLATFORMS
  ruby

DEPENDENCIES
  package_cloud
